PATH
  remote: .
  specs:
    actionfacade (0.2.5)
      activesupport (>= 5.2)
      bundler (>= 1.3)
    actioninteractor (0.2.5)
      bundler (>= 1.3)
    activerepresenter (0.2.5)
      activemodel (>= 5.2, < 6.2)
      activesupport (>= 5.2, < 6.2)
      bundler (>= 1.3)
    lightrails (0.2.5)
      actionfacade (= 0.2.5)
      actioninteractor (= 0.2.5)
      activerepresenter (= 0.2.5)
      bundler (>= 1.3)
      railties (>= 5.2, < 6.2)

GEM
  remote: https://rubygems.org/
  specs:
    actionpack (5.2.8.1)
      actionview (= 5.2.8.1)
      activesupport (= 5.2.8.1)
      rack (~> 2.0, >= 2.0.8)
      rack-test (>= 0.6.3)
      rails-dom-testing (~> 2.0)
      rails-html-sanitizer (~> 1.0, >= 1.0.2)
    actionview (5.2.8.1)
      activesupport (= 5.2.8.1)
      builder (~> 3.1)
      erubi (~> 1.4)
      rails-dom-testing (~> 2.0)
      rails-html-sanitizer (~> 1.0, >= 1.0.3)
    activemodel (5.2.8.1)
      activesupport (= 5.2.8.1)
    activesupport (5.2.8.1)
      concurrent-ruby (~> 1.0, >= 1.0.2)
      i18n (>= 0.7, < 2)
      minitest (~> 5.1)
      tzinfo (~> 1.1)
    builder (3.2.4)
    byebug (11.1.3)
    concurrent-ruby (1.1.8)
    crass (1.0.6)
    erubi (1.10.0)
    i18n (1.8.10)
      concurrent-ruby (~> 1.0)
    loofah (2.19.1)
      crass (~> 1.0.2)
      nokogiri (>= 1.5.9)
    method_source (1.0.0)
    mini_portile2 (2.4.0)
    minitest (5.15.0)
    nokogiri (1.10.10)
      mini_portile2 (~> 2.4.0)
    power_assert (2.0.0)
    rack (2.2.4)
    rack-test (2.0.2)
      rack (>= 1.3)
    rails-dom-testing (2.0.3)
      activesupport (>= 4.2.0)
      nokogiri (>= 1.6)
    rails-html-sanitizer (1.3.0)
      loofah (~> 2.3)
    railties (5.2.8.1)
      actionpack (= 5.2.8.1)
      activesupport (= 5.2.8.1)
      method_source
      rake (>= 0.8.7)
      thor (>= 0.19.0, < 2.0)
    rake (13.0.6)
    rdoc (6.3.1)
    sdoc (2.4.0)
      rdoc (>= 5.0)
    test-unit (3.4.4)
      power_assert
    thor (1.2.1)
    thread_safe (0.3.6)
    tzinfo (1.2.10)
      thread_safe (~> 0.1)

PLATFORMS
  ruby

DEPENDENCIES
  byebug
  lightrails!
  sdoc (~> 2.2)
  test-unit (>= 3.3)

BUNDLED WITH
   2.1.2
