PATH
  remote: .
  specs:
    actionfacade (0.0.17)
      bundler (~> 1.3)
    actioninteractor (0.0.17)
      bundler (~> 1.3)
    activerepresenter (0.0.17)
      activemodel (>= 5.2, <= 6.0)
      activesupport (>= 5.2, <= 6.0)
      bundler (~> 1.3)
    lightrails (0.0.17)
      actionfacade (= 0.0.17)
      actioninteractor (= 0.0.17)
      activerepresenter (= 0.0.17)
      bundler (>= 1.3, < 2)
      railties (>= 5.2, <= 6.0)

GEM
  specs:
    actionpack (6.0.0)
      actionview (= 6.0.0)
      activesupport (= 6.0.0)
      rack (~> 2.0)
      rack-test (>= 0.6.3)
      rails-dom-testing (~> 2.0)
      rails-html-sanitizer (~> 1.0, >= 1.2.0)
    actionview (6.0.0)
      activesupport (= 6.0.0)
      builder (~> 3.1)
      erubi (~> 1.4)
      rails-dom-testing (~> 2.0)
      rails-html-sanitizer (~> 1.1, >= 1.2.0)
    activemodel (6.0.0)
      activesupport (= 6.0.0)
    activesupport (6.0.0)
      concurrent-ruby (~> 1.0, >= 1.0.2)
      i18n (>= 0.7, < 2)
      minitest (~> 5.1)
      tzinfo (~> 1.1)
      zeitwerk (~> 2.1, >= 2.1.8)
    builder (3.2.3)
    concurrent-ruby (1.1.4)
    crass (1.0.4)
    erubi (1.8.0)
    i18n (1.5.3)
      concurrent-ruby (~> 1.0)
    loofah (2.2.3)
      crass (~> 1.0.2)
      nokogiri (>= 1.5.9)
    method_source (0.9.2)
    mini_portile2 (2.4.0)
    minitest (5.11.3)
    nokogiri (1.10.1)
      mini_portile2 (~> 2.4.0)
    rack (2.0.6)
    rack-test (1.1.0)
      rack (>= 1.0, < 3)
    rails-dom-testing (2.0.3)
      activesupport (>= 4.2.0)
      nokogiri (>= 1.6)
    rails-html-sanitizer (1.2.0)
      loofah (~> 2.2, >= 2.2.2)
    railties (6.0.0)
      actionpack (= 6.0.0)
      activesupport (= 6.0.0)
      method_source
      rake (>= 0.8.7)
      thor (>= 0.20.3, < 2.0)
    rake (12.3.2)
    thor (0.20.3)
    thread_safe (0.3.6)
    tzinfo (1.2.5)
      thread_safe (~> 0.1)
    zeitwerk (2.1.10)

PLATFORMS
  ruby

DEPENDENCIES
  lightrails!

BUNDLED WITH
   1.17.1
